PATH
  remote: .
  specs:
    licence_injector (0.0.6)

GEM
  remote: https://rubygems.org/
  specs:
    codeclimate-test-reporter (1.0.8)
      simplecov (<= 0.13)
    diff-lcs (1.3)
    docile (1.1.5)
    json (1.8.6)
    rake (10.1.1)
    rdoc (4.0.1)
      json (~> 1.4)
    rspec (2.14.1)
      rspec-core (~> 2.14.0)
      rspec-expectations (~> 2.14.0)
      rspec-mocks (~> 2.14.0)
    rspec-core (2.14.8)
    rspec-expectations (2.14.5)
      diff-lcs (>= 1.1.3, < 2.0)
    rspec-mocks (2.14.6)
    simplecov (0.13.0)
      docile (~> 1.1.0)
      json (>= 1.8, < 3)
      simplecov-html (~> 0.10.0)
    simplecov-html (0.10.2)

PLATFORMS
  ruby
  x86-mingw32
  x86_64-linux

DEPENDENCIES
  codeclimate-test-reporter
  licence_injector!
  rake (~> 10.1.0)
  rdoc (~> 4.0.1)
  rspec (~> 2.14.1)

BUNDLED WITH
   1.16.0
