PATH
  remote: .
  specs:
    licence_injector (0.0.4)

GEM
  remote: https://rubygems.org/
  specs:
    diff-lcs (1.2.4)
    json (1.8.0)
    rake (10.1.0)
    rdoc (4.0.1)
      json (~> 1.4)
    rspec (2.14.1)
      rspec-core (~> 2.14.0)
      rspec-expectations (~> 2.14.0)
      rspec-mocks (~> 2.14.0)
    rspec-core (2.14.5)
    rspec-expectations (2.14.2)
      diff-lcs (>= 1.1.3, < 2.0)
    rspec-mocks (2.14.3)

PLATFORMS
  x86-mingw32

DEPENDENCIES
  licence_injector!
  rake (~> 10.1.0)
  rdoc (~> 4.0.1)
  rspec (~> 2.14.1)
